GEM
  remote: https://rubygems.org/
  specs:
    logger (1.2.8)
    net-ssh (2.7.0)

PLATFORMS
  ruby

DEPENDENCIES
  logger
  net-ssh
